NUGET
  remote: https://nuget.org/api/v2
  specs:
    FParsec (1.0.2)
    FSharp.Core (4.0.0.1)
    PerfUtil (0.1.8)
    PPrint (1.4.1)
